PATH
  remote: .
  specs:
    VGCRF (0.1.0)

GEM
  remote: https://rubygems.org/
  specs:
    byebug (11.1.1)
    mini_portile2 (2.8.0)
    nokogiri (1.13.4)
      mini_portile2 (~> 2.8.0)
      racc (~> 1.4)
    racc (1.6.0)
    rake (12.3.3)

PLATFORMS
  ruby

DEPENDENCIES
  VGCRF!
  byebug
  nokogiri (~> 1.13)
  rake (~> 12.0)

BUNDLED WITH
   2.1.4
